GEM
  remote: https://rubygems.org/
  specs:
    faraday (0.15.3)
      multipart-post (>= 1.2, < 3)
    faraday_middleware (0.12.2)
      faraday (>= 0.7.4, < 1.0)
    multipart-post (2.0.0)
    twitch-api (0.3.0)
      faraday (>= 0.12.2)
      faraday_middleware (~> 0.12)
    twitch-clipr (1.0.0)
      faraday (~> 0.12)

PLATFORMS
  x64-mingw32

DEPENDENCIES
  twitch-api
  twitch-clipr (~> 1.0.0)

BUNDLED WITH
   1.16.2
